PATH
  remote: .
  specs:
    ankusa (0.0.16)
      fast-stemmer (>= 1.0.0)

GEM
  remote: http://rubygems.org/
  specs:
    fast-stemmer (1.0.1)
    rake (10.0.2)

PLATFORMS
  ruby

DEPENDENCIES
  ankusa!
  rake
